PATH
  remote: .
  specs:
    safer_redis (1.1.0)
      redis (>= 4.6.0)
      zeitwerk

GEM
  remote: https://rubygems.org/
  specs:
    connection_pool (2.4.1)
    diff-lcs (1.5.0)
    rake (13.1.0)
    redis (5.0.8)
      redis-client (>= 0.17.0)
    redis-client (0.18.0)
      connection_pool
    rspec (3.12.0)
      rspec-core (~> 3.12.0)
      rspec-expectations (~> 3.12.0)
      rspec-mocks (~> 3.12.0)
    rspec-core (3.12.2)
      rspec-support (~> 3.12.0)
    rspec-expectations (3.12.3)
      diff-lcs (>= 1.2.0, < 2.0)
      rspec-support (~> 3.12.0)
    rspec-mocks (3.12.6)
      diff-lcs (>= 1.2.0, < 2.0)
      rspec-support (~> 3.12.0)
    rspec-support (3.12.1)
    zeitwerk (2.6.12)

PLATFORMS
  x86_64-darwin-21
  x86_64-darwin-22
  x86_64-darwin-23

DEPENDENCIES
  rake (~> 13.0)
  rspec (~> 3.0)
  safer_redis!

BUNDLED WITH
   2.3.19
